GEM
  remote: https://rubygems.org/
  specs:
    cfndsl (1.6.0)
      hana (~> 1.3)
    hana (1.3.7)
    rake (13.0.6)

PLATFORMS
  x86_64-linux

DEPENDENCIES
  cfndsl (~> 1.6)
  rake

BUNDLED WITH
   2.4.6
